PATH
  remote: .
  specs:
    exception_logger (0.0.1)

GEM
  remote: http://rubygems.org/
  specs:
    activemodel (3.0.3)
      activesupport (= 3.0.3)
      builder (~> 2.1.2)
      i18n (~> 0.4)
    activesupport (3.0.3)
    bson (1.1.5)
    builder (2.1.2)
    daemons (1.1.0)
    eventmachine (0.12.10)
    i18n (0.5.0)
    mongo (1.1.5)
      bson (>= 1.1.5)
    mongoid (2.0.0.beta.20)
      activemodel (~> 3.0)
      mongo (~> 1.1)
      tzinfo (~> 0.3.22)
      will_paginate (~> 3.0.pre)
    rack (1.2.1)
    sinatra (1.1.2)
      rack (~> 1.1)
      tilt (~> 1.2)
    thin (1.2.7)
      daemons (>= 1.0.9)
      eventmachine (>= 0.12.6)
      rack (>= 1.0.0)
    tilt (1.2.1)
    tzinfo (0.3.23)
    vegas (0.1.8)
      rack (>= 1.0.0)
    will_paginate (3.0.pre2)

PLATFORMS
  ruby

DEPENDENCIES
  exception_logger!
  mongoid (~> 2.0.0.beta.20)
  sinatra (~> 1.1.2)
  thin (~> 1.2.7)
  vegas (~> 0.1.8)
